GEM
  remote: https://rubygems.org/
  specs:
    awesome_print (1.9.2)
    byebug (11.1.3)
    colorize (1.1.0)
    cpf_cnpj (0.5.0)
    faraday (2.7.9)
      faraday-net_http (>= 2.0, < 3.1)
      ruby2_keywords (>= 0.0.4)
    faraday-net_http (3.0.2)
    io-console (0.6.0)
    json (2.6.3)
    nokogiri (1.15.3-x86_64-linux)
      racc (~> 1.4)
    nori (2.6.0)
    racc (1.7.1)
    readline (0.0.3)
      reline
    reline (0.3.5)
      io-console (~> 0.5)
    ruby2_keywords (0.0.5)
    strscan (3.0.0)
    terminal-table (3.0.2)
      unicode-display_width (>= 1.1.1, < 3)
    unicode-display_width (2.4.2)

PLATFORMS
  x86_64-linux

DEPENDENCIES
  awesome_print
  byebug
  colorize
  cpf_cnpj
  faraday
  json
  nokogiri
  nori
  racc
  readline
  strscan
  terminal-table

BUNDLED WITH
   2.2.3
